GEM
  remote: http://rubygems.org/
  specs:
    CFPropertyList (2.2.8)
    addressable (2.3.8)
    backports (3.6.4)
    bond (0.4.3)
    capistrano (2.13.5)
      highline
      net-scp (>= 1.0.0)
      net-sftp (>= 2.0.0)
      net-ssh (>= 2.0.14)
      net-ssh-gateway (>= 1.1.0)
    facter (2.4.4)
      CFPropertyList (~> 2.2.6)
    hiera (2.0.0)
      json_pure
    highline (1.7.2)
    json (1.8.2)
    json_pure (1.8.2)
    mime-types (1.25.1)
    net-scp (1.2.1)
      net-ssh (>= 2.6.5)
    net-sftp (2.1.2)
      net-ssh (>= 2.6.5)
    net-ssh (2.9.2)
    net-ssh-gateway (1.2.0)
      net-ssh (>= 2.6.5)
    puppet (4.1.0)
      facter (> 2.0, < 4)
      hiera (>= 2.0, < 3)
      json_pure
    rack (1.6.1)
    rack-cache (1.2)
      rack (>= 0.4)
    rb-readline (0.5.2)
    rdoc (4.2.0)
      json (~> 1.4)
    rest-client (1.6.8)
      mime-types (~> 1.16)
      rdoc (>= 2.4.2)
    rest-client-components (1.4.0)
      rack (>= 1.0.1)
      rest-client (>= 1.6.0)
    restfully (1.1.0)
      addressable
      backports
      json (~> 1.5)
      rack-cache
      rb-readline
      rest-client (~> 1.6)
      rest-client-components
      ripl (= 0.6.1)
      ripl-color_streams
      ripl-multi_line
      ripl-play (~> 0.2.1)
      ripl-short_errors
    ripl (0.6.1)
      bond (~> 0.4.0)
    ripl-color_streams (0.1.2)
      ripl (>= 0.2.8)
    ripl-multi_line (0.3.1)
      ripl (>= 0.3.6)
    ripl-play (0.2.1)
      ripl (>= 0.3.0)
    ripl-short_errors (0.1.0)
      ripl (>= 0.2.8)
    term-ansicolor (1.3.0)
      tins (~> 1.0)
    tins (1.5.1)
    xp5k (0.0.10)
      json (>= 1.5.1)
      rest-client (= 1.6.8)
      restfully (> 1.0.0)
      term-ansicolor (>= 1.0.7)

PLATFORMS
  ruby

DEPENDENCIES
  capistrano (~> 2.13.0)
  puppet (~> 4.1.0)
  xp5k (= 0.0.10)
